GEM
  remote: http://rubygems.org/
  specs:
    kramdown (0.14.2)
    rake (10.0.3)
    sass (3.2.5)

PLATFORMS
  ruby

DEPENDENCIES
  kramdown
  rake
  sass
